GEM
  remote: http://rubygems.org/
  specs:
    addressable (2.3.5)
    arr-pm (0.0.8)
      cabin (> 0)
    awesome_print (1.2.0)
    aws-sdk (1.36.2)
      json (~> 1.4)
      nokogiri (>= 1.4.4)
      uuidtools (~> 2.1)
    backports (3.6.0)
    cabin (0.6.1)
    childprocess (0.3.9)
      ffi (~> 1.0, >= 1.0.11)
    clamp (0.6.1)
    coderay (1.1.0)
    diff-lcs (1.2.4)
    dogapi (1.9.2)
      json (>= 1.5.1)
    ethon (0.6.3)
      ffi (>= 1.3.0)
      mime-types (~> 1.18)
    faraday (0.8.9)
      multipart-post (~> 1.2.0)
    faraday_middleware (0.9.0)
      faraday (>= 0.7.4, < 0.9)
    ffi (1.9.3)
    fpm (0.4.42)
      arr-pm (~> 0.0.8)
      backports (>= 2.6.2)
      cabin (>= 0.6.0)
      childprocess
      clamp (~> 0.6)
      ftw (~> 0.0.30)
      json (>= 1.7.7)
    ftw (0.0.36)
      addressable
      backports (>= 2.6.2)
      cabin (> 0)
      http_parser.rb (= 0.5.3)
    gh (0.13.2)
      addressable
      backports
      faraday (~> 0.8)
      multi_json (~> 1.0)
      net-http-persistent (>= 2.7)
      net-http-pipeline
    given_core (3.1.1)
      sorcerer (>= 0.3.7)
    highline (1.6.21)
    http_parser.rb (0.5.3)
    json (1.8.1)
    launchy (2.4.2)
      addressable (~> 2.3)
    method_source (0.8.2)
    mime-types (1.25.1)
    mini_portile (0.5.2)
    multi_json (1.9.0)
    multipart-post (1.2.0)
    net-http-persistent (2.9.4)
    net-http-pipeline (1.0.1)
    nokogiri (1.6.1)
      mini_portile (~> 0.5.0)
    ploy (0.0.18)
      aws-sdk
      fpm
      sinatra
    pry (0.9.12.6)
      coderay (~> 1.0)
      method_source (~> 0.8)
      slop (~> 3.4)
    pusher-client (0.4.0)
      websocket (~> 1.0.0)
    rack (1.5.2)
    rack-protection (1.5.2)
      rack
    rake (10.1.1)
    rspec (2.14.1)
      rspec-core (~> 2.14.0)
      rspec-expectations (~> 2.14.0)
      rspec-mocks (~> 2.14.0)
    rspec-core (2.14.6)
    rspec-expectations (2.14.3)
      diff-lcs (>= 1.1.3, < 2.0)
    rspec-given (3.1.1)
      given_core (= 3.1.1)
      rspec (>= 2.12)
    rspec-mocks (2.14.4)
    sinatra (1.4.4)
      rack (~> 1.4)
      rack-protection (~> 1.4)
      tilt (~> 1.3, >= 1.3.4)
    slop (3.5.0)
    sorcerer (1.0.2)
    tilt (1.4.1)
    travis (1.6.8)
      addressable (~> 2.3)
      backports
      faraday (~> 0.8.7)
      faraday_middleware (~> 0.9)
      gh (~> 0.13)
      highline (~> 1.6)
      launchy (~> 2.1)
      pry (~> 0.9)
      pusher-client (~> 0.4)
      typhoeus (~> 0.6)
    typhoeus (0.6.7)
      ethon (~> 0.6.2)
    uuidtools (2.1.4)
    websocket (1.0.7)

PLATFORMS
  ruby

DEPENDENCIES
  awesome_print
  aws-sdk
  dogapi
  json
  ploy
  rake
  rspec
  rspec-given
  travis
